GEM
  remote: http://rubygems.org/
  specs:
    git (1.2.5)
    jeweler (1.6.0)
      bundler (~> 1.0.0)
      git (>= 1.2.5)
      rake
    rake (0.9.0)
    rcov (0.9.9)

PLATFORMS
  ruby

DEPENDENCIES
  jeweler (~> 1.6.0)
  rcov
